GIT
  remote: git://github.com/rubymotion/BubbleWrap.git
  revision: 38c475597c6f247c4a2f99e6a278e9e77dfe7d85
  specs:
    bubble-wrap (1.1.5)

GIT
  remote: git://github.com/rubymotion/sugarcube.git
  revision: 432619462a9488b46acf761ec450fb277c627446
  specs:
    sugarcube (0.20.2)

GIT
  remote: git://github.com/yury/ib.git
  revision: 3ad872972d85f3b11e2f73157eda3fd521b60207
  specs:
    ib (0.2.10)
      thor (>= 0.15.4)
      xcodeproj (>= 0.4.1)

GEM
  remote: https://rubygems.org/
  specs:
    activesupport (3.2.13)
      i18n (= 0.6.1)
      multi_json (~> 1.0)
    colored (1.2)
    i18n (0.6.1)
    multi_json (1.7.2)
    rake (10.0.4)
    thor (0.18.1)
    xcodeproj (0.5.2)
      activesupport (~> 3.2.6)
      colored (~> 1.2)

PLATFORMS
  ruby

DEPENDENCIES
  bubble-wrap!
  ib!
  rake
  sugarcube!
